GIT
  remote: git://github.com/charlietanksley/nerds_nerds_nerds.git
  revision: 08ffcb359d0acc502f10d6995c5dc7a40dbd090b
  specs:
    nerds_nerds_nerds (0.0.1)
      nokogiri

GEM
  remote: https://rubygems.org/
  specs:
    activesupport (4.0.3)
      i18n (~> 0.6, >= 0.6.4)
      minitest (~> 4.2)
      multi_json (~> 1.3)
      thread_safe (~> 0.1)
      tzinfo (~> 0.3.37)
    atomic (1.1.15)
    dotenv (0.10.0)
    foreman (0.63.0)
      dotenv (>= 0.7)
      thor (>= 0.13.6)
    i18n (0.6.9)
    jbuilder (2.0.4)
      activesupport (>= 3.0.0)
      multi_json (>= 1.2.0)
    mini_portile (0.5.2)
    minitest (4.7.5)
    multi_json (1.9.0)
    nokogiri (1.6.1)
      mini_portile (~> 0.5.0)
    rack (1.5.2)
    rack-protection (1.5.2)
      rack
    sinatra (1.4.4)
      rack (~> 1.4)
      rack-protection (~> 1.4)
      tilt (~> 1.3, >= 1.3.4)
    thor (0.18.1)
    thread_safe (0.2.0)
      atomic (>= 1.1.7, < 2)
    tilt (1.4.1)
    tilt-jbuilder (0.5.3)
      jbuilder
      tilt (<= 1.4.1)
    tzinfo (0.3.39)

PLATFORMS
  ruby

DEPENDENCIES
  foreman
  nerds_nerds_nerds!
  sinatra
  tilt-jbuilder
